GEM
  remote: https://rubygems.org/
  specs:
    bson (1.12.5)
    bson_ext (1.12.5)
      bson (~> 1.12.5)
    coderay (1.1.2)
    method_source (0.9.0)
    mongo (1.12.5)
      bson (= 1.12.5)
    pry (0.11.3)
      coderay (~> 1.1.0)
      method_source (~> 0.9.0)
    rack (1.6.8)
    rack-protection (1.5.3)
      rack
    redis (3.3.0)
    sinatra (1.4.8)
      rack (~> 1.5)
      rack-protection (~> 1.4)
      tilt (>= 1.3, < 3)
    tilt (2.0.8)

PLATFORMS
  ruby

DEPENDENCIES
  bson_ext
  mongo
  pry
  rack (= 1.6.8)
  redis (= 3.3.0)
  sinatra

BUNDLED WITH
   1.10.6
